GEM
  remote: http://rubygems.org/
  specs:
    SystemTimer (1.2.3)
    activemodel (3.2.22.1)
      activesupport (= 3.2.22.1)
      builder (~> 3.0.0)
    activerecord (3.2.22.1)
      activemodel (= 3.2.22.1)
      activesupport (= 3.2.22.1)
      arel (~> 3.0.2)
      tzinfo (~> 0.3.29)
    activesupport (3.2.22.1)
      i18n (~> 0.6, >= 0.6.4)
      multi_json (~> 1.0)
    arel (3.0.3)
    bson (1.3.0)
    bson_ext (1.3.0)
    builder (3.0.4)
    concurrent-ruby (1.1.7)
    i18n (0.9.5)
      concurrent-ruby (~> 1.0)
    mongo (1.3.0)
      bson (>= 1.3.0)
    mongoid (2.0.1)
      activemodel (~> 3.0)
      mongo (~> 1.3)
      tzinfo (~> 0.3.22)
      will_paginate (~> 3.0.pre)
    multi_json (1.15.0)
    mysql2 (0.2.6)
    rack (1.2.2)
    rake (0.8.7)
    redis (2.2.0)
    sinatra (1.2.3)
      rack (~> 1.1)
      tilt (>= 1.2.2, < 2.0)
    tilt (1.3)
    tzinfo (0.3.57)
    will_paginate (3.0.pre2)

PLATFORMS
  ruby

DEPENDENCIES
  SystemTimer (~> 1.2.3)
  activerecord
  bson_ext (~> 1.3)
  mongoid (~> 2.0)
  mysql2 (~> 0.2.6)
  rake
  redis
  sinatra
